GEM
  remote: http://rubygems.org/
  specs:
    activesupport (3.0.0.beta4)
    i18n (0.4.1)
    nokogiri (1.4.2)
    patron (0.4.6)
    sax-machine (0.0.15)
      nokogiri (> 0.0.0)
    tzinfo (0.3.22)

PLATFORMS
  ruby

DEPENDENCIES
  activesupport (= 3.0.0.beta4)
  i18n (= 0.4.1)
  patron (= 0.4.6)
  sax-machine (= 0.0.15)
  tzinfo (= 0.3.22)
